PATH
  remote: .
  specs:
    aws_s3_website_sync (1.0.5)
      aws-sdk-cloudfront
      aws-sdk-s3

GEM
  remote: https://rubygems.org/
  specs:
    aws-eventstream (1.4.0)
    aws-partitions (1.1174.0)
    aws-sdk-cloudfront (1.132.0)
      aws-sdk-core (~> 3, >= 3.234.0)
      aws-sigv4 (~> 1.5)
    aws-sdk-core (3.234.0)
      aws-eventstream (~> 1, >= 1.3.0)
      aws-partitions (~> 1, >= 1.992.0)
      aws-sigv4 (~> 1.9)
      base64
      bigdecimal
      jmespath (~> 1, >= 1.6.1)
      logger
    aws-sdk-kms (1.115.0)
      aws-sdk-core (~> 3, >= 3.234.0)
      aws-sigv4 (~> 1.5)
    aws-sdk-s3 (1.201.0)
      aws-sdk-core (~> 3, >= 3.234.0)
      aws-sdk-kms (~> 1)
      aws-sigv4 (~> 1.5)
    aws-sigv4 (1.12.1)
      aws-eventstream (~> 1, >= 1.0.2)
    base64 (0.3.0)
    bigdecimal (3.3.1)
    jmespath (1.6.2)
    logger (1.7.0)

PLATFORMS
  ruby

DEPENDENCIES
  aws_s3_website_sync!

BUNDLED WITH
   2.1.4
